GEM
  remote: http://rubygems.org/
  specs:
    RedCloth (4.2.9)
    RedCloth (4.2.9-x86-mingw32)
    chingu (0.9rc9)
      gosu (>= 0.7.45)
      gosu (>= 0.7.45)
    clipboard (0.9.9)
    coderay (0.9.8)
    ffi (1.0.11)
    fidgit (0.2.4)
      chingu (~> 0.9rc7)
      clipboard (~> 0.9.9)
      ffi (~> 1.0.11)
      gosu (~> 0.7.41)
    gosu (0.7.45)
    gosu (0.7.45-x86-mingw32)
    method_source (0.6.7)
      ruby_parser (>= 2.3.1)
    ocra (1.3.0)
    pry (0.9.7.4)
      coderay (~> 0.9.8)
      method_source (~> 0.6.7)
      ruby_parser (>= 2.3.1)
      slop (~> 2.1.0)
    pry (0.9.7.4-x86-mingw32)
      coderay (~> 0.9.8)
      method_source (~> 0.6.7)
      ruby_parser (>= 2.3.1)
      slop (~> 2.1.0)
      win32console (~> 1.3.0)
    pry-remote (0.1.0)
      pry (~> 0.9.6)
      slop (~> 2.1)
    ruby-ogginfo (0.6.5)
    ruby_parser (2.3.1)
      sexp_processor (~> 3.0)
    sexp_processor (3.0.9)
    slop (2.1.0)
    texplay (0.4.3)
      gosu (>= 0.7.25)
    texplay (0.4.3-x86-mingw32)
      gosu (>= 0.7.25)
    win32console (1.3.0-x86-mingw32)

PLATFORMS
  ruby
  x86-mingw32

DEPENDENCIES
  RedCloth (~> 4.2.9)
  chingu (~> 0.9rc9)
  fidgit (~> 0.2.4)
  gosu (~> 0.7.45)
  ocra (~> 1.3.0)
  pry (~> 0.9.7.4)
  pry-remote (~> 0.1.0)
  ruby-ogginfo (~> 0.6.5)
  texplay (~> 0.4.3)
